GEM
  remote: http://rubygems.org/
  specs:
    coffee-script (2.2.0)
      coffee-script-source
      execjs
    coffee-script-source (1.2.0)
    daemons (1.1.5)
    eventmachine (0.12.10)
    execjs (1.2.13)
      multi_json (~> 1.0)
    hike (1.2.1)
    multi_json (1.0.4)
    pivotal_git_scripts (1.1.0)
    rack (1.3.5)
    rack-protection (1.1.4)
      rack
    sass (3.1.12)
    shotgun (0.9)
      rack (>= 1.0)
    sinatra (1.3.0)
      rack (~> 1.3)
      rack-protection (~> 1.1)
      tilt (~> 1.3)
    slim (1.0.4)
      temple (~> 0.3.4)
      tilt (~> 1.3.2)
    sprockets (2.1.2)
      hike (~> 1.2)
      rack (~> 1.0)
      tilt (~> 1.1, != 1.3.0)
    temple (0.3.4)
    thin (1.3.1)
      daemons (>= 1.0.9)
      eventmachine (>= 0.12.6)
      rack (>= 1.0.0)
    tilt (1.3.3)

PLATFORMS
  ruby

DEPENDENCIES
  coffee-script
  pivotal_git_scripts
  sass
  shotgun
  sinatra (= 1.3.0)
  slim
  sprockets
  thin
